GIT
  remote: https://github.com/singhprd/iStats
  revision: 7b377e3ce2c0950adc418f3728a566c82f59e602
  specs:
    iStats (1.5.1)
      parseconfig (~> 1.0)
      sparkr (~> 0.4)

GEM
  remote: https://rubygems.org/
  specs:
    alfred-workflow (2.0.5)
      fuzzy_match (>= 2.0.4)
      gyoku (>= 1.1.0)
      moneta (>= 0.7.19)
      nori (>= 2.3.0)
      plist (>= 3.1.0)
      terminal-notifier (>= 1.5.0)
    builder (3.2.3)
    fuzzy_match (2.1.0)
    gyoku (1.3.1)
      builder (>= 2.1.2)
    mixlib-shellout (2.3.2)
    moneta (1.0.0)
    nori (2.6.0)
    parseconfig (1.0.8)
    plist (3.3.0)
    sparkr (0.4.1)
    terminal-notifier (1.8.0)

PLATFORMS
  ruby

DEPENDENCIES
  alfred-workflow
  iStats!
  mixlib-shellout
  plist

BUNDLED WITH
   1.16.0.pre.3
